PATH
  remote: .
  specs:
    motion_model (0.4.6)
      bubble-wrap (>= 1.4.0)
      motion-require (>= 0.2.0)
      motion-support (>= 0.2.6)

GEM
  remote: https://rubygems.org/
  specs:
    activesupport (3.2.17)
      i18n (~> 0.6, >= 0.6.4)
      multi_json (~> 1.0)
    bubble-wrap (1.5.0)
    claide (0.4.0)
    cocoapods (0.29.0)
      activesupport (>= 3.2.15, < 4)
      claide (~> 0.4.0)
      cocoapods-core (= 0.29.0)
      cocoapods-downloader (~> 0.3.0)
      cocoapods-try-release-fix (~> 0.1.1)
      colored (~> 1.2)
      escape (~> 0.0.4)
      json_pure (~> 1.8)
      nap (~> 0.5)
      open4 (~> 1.3)
      xcodeproj (~> 0.14.1)
    cocoapods-core (0.29.0)
      activesupport (>= 3.2.15, < 4)
      fuzzy_match (~> 2.0.4)
      json_pure (~> 1.8)
      nap (~> 0.5)
    cocoapods-downloader (0.3.0)
    cocoapods-try-release-fix (0.1.2)
    colored (1.2)
    escape (0.0.4)
    fuzzy_match (2.0.4)
    i18n (0.6.9)
    json_pure (1.8.1)
    motion-cocoapods (1.4.0)
      cocoapods (>= 0.26.2)
    motion-require (0.2.0)
    motion-stump (0.2.1)
    motion-support (0.2.6)
      motion-require (>= 0.0.6)
    multi_json (1.9.0)
    nap (0.6.0)
    open4 (1.3.3)
    rake (10.0.4)
    xcodeproj (0.14.1)
      activesupport (~> 3.0)
      colored (~> 1.2)
      rake

PLATFORMS
  ruby

DEPENDENCIES
  bubble-wrap (>= 1.4.0)
  cocoapods (~> 0.29.0)
  motion-cocoapods (~> 1.4.0)
  motion-stump (~> 0.2)
  motion-support (>= 0.2.6)
  motion_model!
  rake
